GEM
  remote: https://rubygems.org/
  specs:
    rack (3.1.3)
    rack-cors (2.0.2)
      rack (>= 2.0.0)
    rackup (2.1.0)
      rack (>= 3)
      webrick (~> 1.8)
    webrick (1.8.1)

PLATFORMS
  arm64-darwin-23
  ruby

DEPENDENCIES
  rack
  rack-cors
  rackup

BUNDLED WITH
   2.5.13
